GEM
  remote: http://rubygems.org/
  specs:
    haml (3.1.4)
    mime-types (1.18)
    pg (0.13.2)
    rack (1.6.13)
    rack-protection (1.2.0)
      rack
    rest-client (1.6.7)
      mime-types (>= 1.16)
    sequel (3.41.0)
    sinatra (1.3.3)
      rack (~> 1.3, >= 1.3.6)
      rack-protection (~> 1.2)
      tilt (~> 1.3, >= 1.3.3)
    tilt (1.3.3)
    xml-simple (1.1.2)

PLATFORMS
  ruby

DEPENDENCIES
  haml
  pg
  rest-client
  sequel
  sinatra
  xml-simple
